PATH
  remote: .
  specs:
    remnant (0.2.1)
      statsd-ruby (= 1.0.0)

GEM
  remote: http://rubygems.org/
  specs:
    actionpack (2.3.14)
      activesupport (= 2.3.14)
      rack (~> 1.1.0)
    activerecord (2.3.14)
      activesupport (= 2.3.14)
    activesupport (2.3.14)
    diff-lcs (1.1.3)
    rack (1.1.3)
    rake (0.9.2.2)
    rr (1.0.4)
    rspec (2.11.0)
      rspec-core (~> 2.11.0)
      rspec-expectations (~> 2.11.0)
      rspec-mocks (~> 2.11.0)
    rspec-core (2.11.1)
    rspec-expectations (2.11.2)
      diff-lcs (~> 1.1.3)
    rspec-mocks (2.11.1)
    statsd-ruby (1.0.0)

PLATFORMS
  ruby

DEPENDENCIES
  actionpack (~> 2.3.8)
  activerecord (~> 2.3.8)
  activesupport (~> 2.3.8)
  rake
  remnant!
  rr
  rspec
